GEM
  remote: http://rubygems.org/
  specs:
    daemons (1.1.8)
    eventmachine (0.12.10)
    newrelic_rpm (3.4.0)
    nokogiri (1.5.5)
    rack (1.4.1)
    sinatra (1.1.0)
      rack (~> 1.1)
      tilt (~> 1.1)
    thin (1.3.1)
      daemons (>= 1.0.9)
      eventmachine (>= 0.12.6)
      rack (>= 1.0.0)
    tilt (1.3.3)

PLATFORMS
  ruby

DEPENDENCIES
  newrelic_rpm
  nokogiri (= 1.5.5)
  sinatra (= 1.1.0)
  thin
